GEM
  remote: https://rubygems.org/
  specs:
    coderay (1.1.3)
    connection_pool (2.4.1)
    method_source (1.0.0)
    pry (0.14.2)
      coderay (~> 1.1)
      method_source (~> 1.0)
    rack (3.0.0.beta1)
    rackup (0.2.3)
      rack (>= 3.0.0.beta1)
      webrick
    redis (5.0.6)
      redis-client (>= 0.9.0)
    redis-client (0.14.1)
      connection_pool
    webrick (1.8.1)

PLATFORMS
  x86_64-darwin-22

DEPENDENCIES
  pry
  rack (= 3.0.0.beta1)
  rackup (~> 0.2.2)
  redis

BUNDLED WITH
   2.4.11
